GEM
  remote: https://rubygems.org/
  specs:
    byebug (10.0.2)
    csv (1.0.0)
    date (1.0.0)
    domain_name (0.5.20180417)
      unf (>= 0.0.5, < 1.0.0)
    fileutils (1.0.2)
    http-cookie (1.0.3)
      domain_name (~> 0.5)
    ipaddr (1.2.0)
    json (2.1.0)
    mime-types (3.1)
      mime-types-data (~> 3.2015)
    mime-types-data (3.2016.0521)
    mini_portile2 (2.3.0)
    netrc (0.11.0)
    nokogiri (1.8.4)
      mini_portile2 (~> 2.3.0)
    openssl (2.1.1)
    rest-client (2.0.2)
      http-cookie (>= 1.0.2, < 2.0)
      mime-types (>= 1.16, < 4.0)
      netrc (~> 0.8)
    roo (2.7.1)
      nokogiri (~> 1)
      rubyzip (~> 1.1, < 2.0.0)
    rubyzip (1.2.1)
    slop (4.6.2)
    stock_quote (2.0.0)
      json
      rest-client (~> 2.0.2)
    unf (0.1.4)
      unf_ext
    unf_ext (0.0.7.5)

PLATFORMS
  ruby

DEPENDENCIES
  byebug
  csv
  date
  fileutils
  ipaddr
  openssl
  roo (~> 2.7.0)
  slop
  stock_quote

BUNDLED WITH
   1.16.2
